{
  "PowerLineFrequency": 60,
  "SoftwareFilters": {
    "FilterDescription": {
      "Description": "1-50 Hz"
    }
  },
  "ManufacturersModelName": "actiCHamp",
  "Manufacturer": "Brain Vision",
  "EEGPlacementScheme": "10-20",
  "EEGReference": "TP10",
  "CapManufacturer": "Easy Cap",
  "InstitutionName": "University of Nevada, Reno",
  "TaskName": "Retrocue",
  "EEGChannelCount": 62,
  "RecordingType": "epoched",
  "EpochLength": 6,
  "RecordingDuration": 6,
  "SamplingFrequency": 250,
  "EOGChannelCount": 0,
  "ECGChannelCount": 0,
  "EMGChannelCount": 0
}